GEM
  remote: https://rubygems.org/
  specs:
    inflector (0.0.1)
    sqlite3 (1.3.12)

PLATFORMS
  ruby

DEPENDENCIES
  inflector
  sqlite3

BUNDLED WITH
   1.13.6
